GEM
  remote: https://rubygems.org/
  specs:
    connection_pool (2.2.2)
    dotenv (2.7.4)
    faraday (0.15.4)
      multipart-post (>= 1.2, < 3)
    json (2.2.0)
    multi_json (1.15.0)
    multipart-post (2.1.1)
    mustermann (1.1.1)
      ruby2_keywords (~> 0.0.1)
    net-http-persistent (3.0.1)
      connection_pool (~> 2.2)
    rack (2.2.3)
    rack-protection (2.2.0)
      rack
    ruby2_keywords (0.0.5)
    sinatra (2.2.0)
      mustermann (~> 1.0)
      rack (~> 2.2)
      rack-protection (= 2.2.0)
      tilt (~> 2.0)
    sinatra-contrib (2.2.0)
      multi_json
      mustermann (~> 1.0)
      rack-protection (= 2.2.0)
      sinatra (= 2.2.0)
      tilt (~> 2.0)
    stripe (4.21.3)
      faraday (~> 0.13)
      net-http-persistent (~> 3.0)
    tilt (2.0.10)

PLATFORMS
  ruby

DEPENDENCIES
  dotenv
  json
  sinatra
  sinatra-contrib
  stripe

BUNDLED WITH
   2.0.1
